GEM
  remote: https://rubygems.org/
  specs:
    daemons (1.2.4)
    em-websocket (0.5.1)
      eventmachine (>= 0.12.9)
      http_parser.rb (~> 0.6.0)
    em-websocket-client (0.1.2)
      eventmachine
      websocket
    eventmachine (1.2.0.1)
    http_parser.rb (0.6.0)
    line-bot-api (1.0.0)
    rack (1.6.4)
    rack-protection (1.5.3)
      rack
    serialport (1.3.1)
    sinatra (1.4.7)
      rack (~> 1.5)
      rack-protection (~> 1.4)
      tilt (>= 1.3, < 3)
    thin (1.7.0)
      daemons (~> 1.0, >= 1.0.9)
      eventmachine (~> 1.0, >= 1.0.4)
      rack (>= 1, < 3)
    tilt (2.0.5)
    websocket (1.2.3)
    websocket-eventmachine-base (1.2.0)
      eventmachine (~> 1.0)
      websocket (~> 1.0)
      websocket-native (~> 1.0)
    websocket-eventmachine-client (1.2.0)
      websocket-eventmachine-base (~> 1.0)
    websocket-native (1.0.0)

PLATFORMS
  ruby

DEPENDENCIES
  em-websocket (~> 0.5.1)
  em-websocket-client
  line-bot-api
  serialport
  sinatra
  thin
  websocket-eventmachine-client

BUNDLED WITH
   1.13.5
